GEM
  remote: http://rubygems.org/
  specs:
    activesupport (7.0.4)
      concurrent-ruby (~> 1.0, >= 1.0.2)
      i18n (>= 1.6, < 2)
      minitest (>= 5.1)
      tzinfo (~> 2.0)
    ansi (1.5.0)
    builder (3.2.4)
    byebug (11.1.3)
    concurrent-ruby (1.1.10)
    diff-lcs (1.5.0)
    i18n (1.12.0)
      concurrent-ruby (~> 1.0)
    json (2.6.2)
    minitest (5.16.3)
    minitest-reporters (1.5.0)
      ansi
      builder
      minitest (>= 5.0)
      ruby-progressbar
    rake (13.0.6)
    rspec (3.12.0)
      rspec-core (~> 3.12.0)
      rspec-expectations (~> 3.12.0)
      rspec-mocks (~> 3.12.0)
    rspec-core (3.12.0)
      rspec-support (~> 3.12.0)
    rspec-expectations (3.12.0)
      diff-lcs (>= 1.2.0, < 2.0)
      rspec-support (~> 3.12.0)
    rspec-mocks (3.12.0)
      diff-lcs (>= 1.2.0, < 2.0)
      rspec-support (~> 3.12.0)
    rspec-support (3.12.0)
    ruby-progressbar (1.11.0)
    shoulda (4.0.0)
      shoulda-context (~> 2.0)
      shoulda-matchers (~> 4.0)
    shoulda-context (2.0.0)
    shoulda-matchers (4.5.1)
      activesupport (>= 4.2.0)
    tracking_number (1.1.2)
      activesupport (>= 4.2.5)
      json (>= 1.8.3)
    tzinfo (2.0.5)
      concurrent-ruby (~> 1.0)

PLATFORMS
  ruby

DEPENDENCIES
  activesupport (>= 5.2.4.3)
  byebug
  minitest (~> 5.5)
  minitest-reporters
  rake (>= 12.3.3)
  rspec
  shoulda
  tracking_number (>= 1.1.2)

BUNDLED WITH
   2.3.10
